GIT
  remote: https://github.com/rubymotion/sugarcube.git
  revision: 4fb20590784245a96640ddbfc13fe4292c065baf
  specs:
    sugarcube (1.5.5)

GIT
  remote: https://github.com/rubymotion/teacup.git
  revision: ae3d55ca40c69da1547c1ab89a977fe7854363b5
  specs:
    teacup (2.2.2)

GEM
  remote: https://rubygems.org/
  specs:
    activesupport (3.2.17)
      i18n (~> 0.6, >= 0.6.4)
      multi_json (~> 1.0)
    afmotion (2.1.2)
      motion-cocoapods (~> 1.4.0)
      motion-require (>= 0.1)
    bubble-wrap (1.5.0)
    claide (0.5.0)
    cocoapods (0.31.1)
      activesupport (>= 3.2.15, < 4)
      claide (~> 0.5.0)
      cocoapods-core (= 0.31.1)
      cocoapods-downloader (~> 0.4.1)
      cocoapods-try (~> 0.2.0)
      colored (~> 1.2)
      escape (~> 0.0.4)
      json_pure (~> 1.8)
      nap (~> 0.5)
      open4 (~> 1.3)
      xcodeproj (~> 0.16.0)
    cocoapods-core (0.31.1)
      activesupport (>= 3.2.15, < 4)
      fuzzy_match (~> 2.0.4)
      json_pure (~> 1.8)
      nap (~> 0.5)
    cocoapods-downloader (0.4.1)
    cocoapods-try (0.2.0)
    colored (1.2)
    escape (0.0.4)
    formotion (1.3)
      bubble-wrap (>= 1.1.4)
    fuzzy_match (2.0.4)
    i18n (0.6.9)
    json_pure (1.8.1)
    motion-cocoapods (1.4.0)
      cocoapods (>= 0.26.2)
    motion-require (0.2.0)
    motion-support (0.2.6)
      motion-require (>= 0.0.6)
    motion-testflight (1.5)
    motion_model (0.5.1)
      bubble-wrap (>= 1.3.0)
      motion-support (>= 0.1.0)
    multi_json (1.9.2)
    nap (0.7.0)
    open4 (1.3.3)
    rake (10.2.2)
    xcodeproj (0.16.0)
      activesupport (~> 3.0)
      colored (~> 1.2)

PLATFORMS
  ruby

DEPENDENCIES
  afmotion
  bubble-wrap
  formotion
  motion-cocoapods
  motion-testflight
  motion_model
  rake
  sugarcube!
  teacup!
