GEM
  remote: https://rubygems.org/
  specs:
    activesupport (3.2.12)
      i18n (~> 0.6)
      multi_json (~> 1.0)
    addressable (2.3.3)
    bubble-wrap (1.1.5)
    cocoapods (0.16.2)
      activesupport (~> 3.2.6)
      colored (~> 1.2)
      escape (~> 0.0.4)
      faraday (~> 0.8.1)
      json (~> 1.7.3)
      octokit (~> 1.7)
      open4 (~> 1.3.0)
      rake (~> 0.9.4)
      xcodeproj (~> 0.4.3)
    colored (1.2)
    escape (0.0.4)
    faraday (0.8.5)
      multipart-post (~> 1.1)
    faraday_middleware (0.9.0)
      faraday (>= 0.7.4, < 0.9)
    formotion (1.2)
      bubble-wrap (>= 1.1.4)
    hashie (1.2.0)
    i18n (0.6.1)
    json (1.7.7)
    motion-cocoapods (1.2.1)
      cocoapods (>= 0.14.0)
    motion-resource (0.0.2)
      bubble-wrap
      motion-support
    motion-stump (0.2.0)
    motion-support (0.0.3)
      bubble-wrap
    motion-testflight (1.4)
    multi_json (1.6.1)
    multipart-post (1.1.5)
    netrc (0.7.7)
    octokit (1.23.0)
      addressable (~> 2.2)
      faraday (~> 0.8)
      faraday_middleware (~> 0.9)
      hashie (~> 1.2)
      multi_json (~> 1.3)
      netrc (~> 0.7.7)
    open4 (1.3.0)
    rake (0.9.6)
    teacup (1.2.5)
      rake
    webstub (0.3.4)
    xcodeproj (0.4.3)
      activesupport (~> 3.2.6)
      colored (~> 1.2)

PLATFORMS
  ruby

DEPENDENCIES
  bubble-wrap
  formotion
  motion-cocoapods
  motion-resource
  motion-stump
  motion-support
  motion-testflight
  rake
  teacup
  webstub
